GEM
  remote: https://rubygems.org/
  specs:
    actionmailer (4.2.0.rc1)
      actionpack (= 4.2.0.rc1)
      actionview (= 4.2.0.rc1)
      activejob (= 4.2.0.rc1)
      mail (~> 2.5, >= 2.5.4)
      rails-dom-testing (~> 1.0, >= 1.0.5)
    actionpack (4.2.0.rc1)
      actionview (= 4.2.0.rc1)
      activesupport (= 4.2.0.rc1)
      rack (~> 1.6.0.beta2)
      rack-test (~> 0.6.2)
      rails-dom-testing (~> 1.0, >= 1.0.5)
      rails-html-sanitizer (~> 1.0, >= 1.0.1)
    actionview (4.2.0.rc1)
      activesupport (= 4.2.0.rc1)
      builder (~> 3.1)
      erubis (~> 2.7.0)
      rails-dom-testing (~> 1.0, >= 1.0.5)
      rails-html-sanitizer (~> 1.0, >= 1.0.1)
    activejob (4.2.0.rc1)
      activesupport (= 4.2.0.rc1)
      globalid (>= 0.3.0)
    activemodel (4.2.0.rc1)
      activesupport (= 4.2.0.rc1)
      builder (~> 3.1)
    activerecord (4.2.0.rc1)
      activemodel (= 4.2.0.rc1)
      activesupport (= 4.2.0.rc1)
      arel (~> 6.0)
    activesupport (4.2.0.rc1)
      i18n (>= 0.7.0.beta1, < 0.8)
      json (~> 1.7, >= 1.7.7)
      minitest (~> 5.1)
      thread_safe (~> 0.1)
      tzinfo (~> 1.1)
    arel (6.0.0)
    binding_of_caller (0.7.2)
      debug_inspector (>= 0.0.1)
    bson (2.3.0)
    builder (3.2.2)
    byebug (3.5.1)
      columnize (~> 0.8)
      debugger-linecache (~> 1.2)
      slop (~> 3.6)
    coffee-rails (4.1.0)
      coffee-script (>= 2.2.0)
      railties (>= 4.0.0, < 5.0)
    coffee-script (2.3.0)
      coffee-script-source
      execjs
    coffee-script-source (1.8.0)
    columnize (0.8.9)
    connection_pool (2.1.0)
    debug_inspector (0.0.2)
    debugger-linecache (1.2.0)
    erubis (2.7.0)
    execjs (2.2.2)
    faraday (0.9.1)
      multipart-post (>= 1.2, < 3)
    faraday_middleware (0.9.1)
      faraday (>= 0.7.4, < 0.10)
    fast_stack (0.1.0)
      rake
      rake-compiler
    flamegraph (0.0.5)
      fast_stack
    globalid (0.3.0)
      activesupport (>= 4.1.0)
    haml (4.0.6)
      tilt
    hike (1.2.3)
    i18n (0.7.0.beta1)
    jbuilder (2.2.5)
      activesupport (>= 3.0.0, < 5)
      multi_json (~> 1.2)
    jquery-rails (4.0.0)
      rails-dom-testing (~> 1.0)
      railties (>= 4.2.0.beta, < 5.0)
      thor (>= 0.14, < 2.0)
    json (1.8.1)
    loofah (2.0.1)
      nokogiri (>= 1.5.9)
    mail (2.6.3)
      mime-types (>= 1.16, < 3)
    mime-types (2.4.3)
    mini_portile (0.6.1)
    minitest (5.4.3)
    mongoid (4.0.0)
      activemodel (~> 4.0)
      moped (~> 2.0.0)
      origin (~> 2.1)
      tzinfo (>= 0.3.37)
    mongoid-paranoia (1.0.0)
      activesupport
      mongoid (~> 4.0.0)
    moped (2.0.2)
      bson (~> 2.2)
      connection_pool (~> 2.0)
      optionable (~> 0.2.0)
    multi_json (1.10.1)
    multipart-post (2.0.0)
    nokogiri (1.6.5)
      mini_portile (~> 0.6.0)
    optionable (0.2.0)
    origin (2.1.1)
    parse-ruby-client (0.3.0)
      faraday
      faraday_middleware
    rack (1.6.0.beta2)
    rack-cache (1.2)
      rack (>= 0.4)
    rack-mini-profiler (0.9.2)
      rack (>= 1.1.3)
    rack-test (0.6.2)
      rack (>= 1.0)
    rails (4.2.0.rc1)
      actionmailer (= 4.2.0.rc1)
      actionpack (= 4.2.0.rc1)
      actionview (= 4.2.0.rc1)
      activejob (= 4.2.0.rc1)
      activemodel (= 4.2.0.rc1)
      activerecord (= 4.2.0.rc1)
      activesupport (= 4.2.0.rc1)
      bundler (>= 1.3.0, < 2.0)
      railties (= 4.2.0.rc1)
      sprockets-rails
    rails-deprecated_sanitizer (1.0.3)
      activesupport (>= 4.2.0.alpha)
    rails-dom-testing (1.0.5)
      activesupport (>= 4.2.0.beta, < 5.0)
      nokogiri (~> 1.6.0)
      rails-deprecated_sanitizer (>= 1.0.1)
    rails-html-sanitizer (1.0.1)
      loofah (~> 2.0)
    railties (4.2.0.rc1)
      actionpack (= 4.2.0.rc1)
      activesupport (= 4.2.0.rc1)
      rake (>= 0.8.7)
      thor (>= 0.18.1, < 2.0)
    rake (10.4.0)
    rake-compiler (0.9.3)
      rake
    rdoc (4.1.2)
      json (~> 1.4)
    redis (3.1.0)
    redis-actionpack (4.0.0)
      actionpack (~> 4)
      redis-rack (~> 1.5.0)
      redis-store (~> 1.1.0)
    redis-activesupport (4.0.0)
      activesupport (~> 4)
      redis-store (~> 1.1.0)
    redis-namespace (1.5.1)
      redis (~> 3.0, >= 3.0.4)
    redis-rack (1.5.0)
      rack (~> 1.5)
      redis-store (~> 1.1.0)
    redis-rack-cache (1.2.2)
      rack-cache (~> 1.2)
      redis-store (~> 1.1.0)
    redis-rails (4.0.0)
      redis-actionpack (~> 4)
      redis-activesupport (~> 4)
      redis-store (~> 1.1.0)
    redis-store (1.1.4)
      redis (>= 2.2)
    sass (3.2.19)
    sass-rails (4.0.5)
      railties (>= 4.0.0, < 5.0)
      sass (~> 3.2.2)
      sprockets (~> 2.8, < 3.0)
      sprockets-rails (~> 2.0)
    sdoc (0.4.1)
      json (~> 1.7, >= 1.7.7)
      rdoc (~> 4.0)
    slop (3.6.0)
    spring (1.2.0)
    sprockets (2.12.3)
      hike (~> 1.2)
      multi_json (~> 1.0)
      rack (~> 1.0)
      tilt (~> 1.1, != 1.3.0)
    sprockets-rails (2.2.2)
      actionpack (>= 3.0)
      activesupport (>= 3.0)
      sprockets (>= 2.8, < 4.0)
    thor (0.19.1)
    thread_safe (0.3.4)
    tilt (1.4.1)
    turbolinks (2.5.2)
      coffee-rails
    tzinfo (1.2.2)
      thread_safe (~> 0.1)
    uglifier (2.5.3)
      execjs (>= 0.3.0)
      json (>= 1.8.0)
    web-console (2.0.0)
      activemodel (~> 4.0)
      binding_of_caller (>= 0.7.2)
      railties (~> 4.0)
      sprockets-rails (>= 2.0, < 4.0)

PLATFORMS
  ruby

DEPENDENCIES
  byebug
  coffee-rails (~> 4.1.0)
  flamegraph
  haml
  jbuilder (~> 2.0)
  jquery-rails
  mongoid
  mongoid-paranoia
  parse-ruby-client
  rack-mini-profiler
  rails (= 4.2.0.rc1)
  redis
  redis-namespace
  redis-rack-cache
  redis-rails
  sass-rails (~> 4.0)
  sdoc (~> 0.4.0)
  spring
  turbolinks
  uglifier (>= 1.3.0)
  web-console (~> 2.0)
